GEM
  remote: http://rubygems.org/
  specs:
    actionmailer (2.3.8)
      actionpack (= 2.3.8)
    actionpack (2.3.8)
      activesupport (= 2.3.8)
      rack (~> 1.1.0)
    activerecord (2.3.8)
      activesupport (= 2.3.8)
    activeresource (2.3.8)
      activesupport (= 2.3.8)
    activesupport (2.3.8)
    bson (1.1.5)
    bson_ext (1.1.5)
    builder (2.1.2)
    cgi_multipart_eof_fix (2.5.0)
    cucumber (0.10.0)
      builder (>= 2.1.2)
      diff-lcs (~> 1.1.2)
      gherkin (~> 2.3.2)
      json (~> 1.4.6)
      term-ansicolor (~> 1.0.5)
    cucumber-rails (0.3.2)
      cucumber (>= 0.8.0)
    curb (0.7.8)
    daemons (1.1.0)
    database_cleaner (0.6.3)
    diff-lcs (1.1.2)
    factory_girl (1.3.2)
    fastercsv (1.5.3)
    fastthread (1.0.7)
    gem_plugin (0.2.3)
    gherkin (2.3.3)
      json (~> 1.4.6)
    json (1.4.6)
    mocha (0.9.9)
      rake
    mongo (1.1.5)
      bson (>= 1.1.5)
    mongrel (1.1.5)
      cgi_multipart_eof_fix (>= 2.4)
      daemons (>= 1.0.3)
      fastthread (>= 1.0.1)
      gem_plugin (>= 0.2.3)
    mysql (2.8.1)
    nokogiri (1.4.4)
    paperclip (2.3.8)
      activerecord
      activesupport
    rack (1.1.2)
    rack-test (0.5.7)
      rack (>= 1.0)
    rails (2.3.8)
      actionmailer (= 2.3.8)
      actionpack (= 2.3.8)
      activerecord (= 2.3.8)
      activeresource (= 2.3.8)
      activesupport (= 2.3.8)
      rake (>= 0.8.3)
    rake (0.9.2)
    rspec (1.3.2)
    rspec-rails (1.3.4)
      rack (>= 1.0.0)
      rspec (~> 1.3.1)
    ruby-imagespec (0.2.0)
    selenium-client (1.2.18)
    term-ansicolor (1.0.5)
    webrat (0.7.3)
      nokogiri (>= 1.2.0)
      rack (>= 1.0)
      rack-test (>= 0.5.3)

PLATFORMS
  ruby

DEPENDENCIES
  bson_ext (= 1.1.5)
  cucumber-rails (= 0.3.2)
  curb (= 0.7.8)
  database_cleaner (= 0.6.3)
  factory_girl (= 1.3.2)
  fastercsv (= 1.5.3)
  mocha (= 0.9.9)
  mongo (= 1.1.5)
  mongrel
  mysql (= 2.8.1)
  paperclip (= 2.3.8)
  rails (= 2.3.8)
  rspec-rails (= 1.3.4)
  ruby-imagespec (= 0.2.0)
  selenium-client (= 1.2.18)
  webrat (= 0.7.3)
